GEM
  remote: https://rubygems.org/
  specs:
    daemons (1.1.9)
    grooveshark (0.2.8.2)
      json (>= 1.4.6)
      rest-client (>= 1.5.1)
      uuid (~> 2.0)
    json (1.8.0)
    macaddr (1.6.1)
      systemu (~> 2.5.0)
    mime-types (1.25)
    rest-client (1.6.7)
      mime-types (>= 1.16)
    systemu (2.5.2)
    uuid (2.3.7)
      macaddr (~> 1.0)

PLATFORMS
  ruby

DEPENDENCIES
  daemons
  grooveshark
